GIT
  remote: git://github.com/sinatra/sinatra.git
  revision: f7dfcb35a5c859e7e297f1c48085ca7e25d65d11
  ref: f7dfcb
  specs:
    sinatra (1.4.5)
      rack (~> 1.4)
      rack-protection (~> 1.4)
      tilt (~> 1.3, >= 1.3.4)

PATH
  remote: .
  specs:
    sinatra-contrib (1.4.2)
      backports (= 3.6.1)
      multi_json (= 1.10.0)
      rack (= 1.5.2)
      rack-protection (= 1.5.3)
      rack-test (= 0.6.2)
      sinatra (= 1.4.5)
      tilt (= 1.4.1)

GEM
  remote: https://rubygems.org/
  specs:
    RedCloth (4.2.9)
    asciidoctor (1.5.2)
    backports (3.6.1)
    builder (3.2.2)
    coffee-script (2.4.1)
      coffee-script-source
      execjs
    coffee-script-source (1.9.1.1)
    commonjs (0.2.7)
    creole (0.5.0)
    diff-lcs (1.2.5)
    erubis (2.7.0)
    execjs (2.5.2)
    expression_parser (0.9.0)
    haml (4.0.5)
      tilt
    htmlentities (4.3.3)
    json (1.8.2)
    less (2.6.0)
      commonjs (~> 0.2.7)
    libv8 (3.16.14.7)
    liquid (3.0.2)
    markaby (0.8.0)
      builder
    mini_portile (0.6.2)
    multi_json (1.10.0)
    nokogiri (1.6.6.2)
      mini_portile (~> 0.6.0)
    rack (1.5.2)
    rack-protection (1.5.3)
      rack
    rack-test (0.6.2)
      rack (>= 1.0)
    radius (0.7.4)
    rake (10.3.1)
    redcarpet (3.2.3)
    ref (1.0.5)
    rspec (2.14.1)
      rspec-core (~> 2.14.0)
      rspec-expectations (~> 2.14.0)
      rspec-mocks (~> 2.14.0)
    rspec-core (2.14.8)
    rspec-expectations (2.14.5)
      diff-lcs (>= 1.1.3, < 2.0)
    rspec-mocks (2.14.6)
    sass (3.4.13)
    slim (2.0.2)
      temple (~> 0.6.6)
      tilt (>= 1.3.3, < 2.1)
    temple (0.6.10)
    therubyracer (0.12.2)
      libv8 (~> 3.16.14.0)
      ref
    tilt (1.4.1)
    twitter-text (1.12.0)
      unf (~> 0.1.0)
    unf (0.1.4)
      unf_ext
    unf_ext (0.0.7.1)
    wikicloth (0.8.3)
      builder
      expression_parser
      htmlentities
      nokogiri
      twitter-text
    yajl-ruby (1.2.1)

PLATFORMS
  ruby

DEPENDENCIES
  RedCloth
  asciidoctor
  builder
  coffee-script
  creole
  erubis (= 2.7.0)
  haml (= 4.0.5)
  json
  less
  liquid
  markaby
  multi_json
  nokogiri
  rack
  radius
  rake (= 10.3.1)
  redcarpet
  rspec (= 2.14.1)
  sass
  sinatra!
  sinatra-contrib!
  slim (= 2.0.2)
  therubyracer
  tilt
  wikicloth
  yajl-ruby
